PATH
  remote: .
  specs:
    scraper_tools (0.0.1)
      faraday
      nokogiri

GEM
  remote: https://rubygems.org/
  specs:
    addressable (2.3.7)
    crack (0.4.2)
      safe_yaml (~> 1.0.0)
    faraday (0.9.1)
      multipart-post (>= 1.2, < 3)
    metaclass (0.0.4)
    mini_portile (0.6.2)
    minitest (5.5.1)
    mocha (1.1.0)
      metaclass (~> 0.0.1)
    multipart-post (2.0.0)
    nokogiri (1.6.6.2)
      mini_portile (~> 0.6.0)
    redis (3.2.1)
    safe_yaml (1.0.4)
    webmock (1.20.4)
      addressable (>= 2.3.6)
      crack (>= 0.3.2)

PLATFORMS
  ruby

DEPENDENCIES
  minitest
  mocha
  redis
  scraper_tools!
  webmock
